PATH
  remote: gapic-generator-cloud
  specs:
    gapic-generator-cloud (0.1.0)
      actionpack (~> 5.2)
      gapic-generator
      protobuf (~> 3.8)
      rubocop (~> 0.61)

PATH
  remote: gapic-generator
  specs:
    gapic-generator (0.1.0)
      actionpack (~> 5.2)
      protobuf (~> 3.8)
      rubocop (~> 0.61)

GEM
  remote: https://rubygems.org/
  specs:
    actionpack (5.2.2)
      actionview (= 5.2.2)
      activesupport (= 5.2.2)
      rack (~> 2.0)
      rack-test (>= 0.6.3)
      rails-dom-testing (~> 2.0)
      rails-html-sanitizer (~> 1.0, >= 1.0.2)
    actionview (5.2.2)
      activesupport (= 5.2.2)
      builder (~> 3.1)
      erubi (~> 1.4)
      rails-dom-testing (~> 2.0)
      rails-html-sanitizer (~> 1.0, >= 1.0.3)
    activesupport (5.2.2)
      concurrent-ruby (~> 1.0, >= 1.0.2)
      i18n (>= 0.7, < 2)
      minitest (~> 5.1)
      tzinfo (~> 1.1)
    ast (2.4.0)
    builder (3.2.3)
    concurrent-ruby (1.1.4)
    crass (1.0.4)
    erubi (1.8.0)
    i18n (1.4.0)
      concurrent-ruby (~> 1.0)
    jaro_winkler (1.5.2)
    loofah (2.2.3)
      crass (~> 1.0.2)
      nokogiri (>= 1.5.9)
    middleware (0.1.0)
    mini_portile2 (2.4.0)
    minitest (5.11.3)
    nokogiri (1.10.0)
      mini_portile2 (~> 2.4.0)
    parallel (1.12.1)
    parser (2.5.3.0)
      ast (~> 2.4.0)
    powerpack (0.1.2)
    protobuf (3.8.5)
      activesupport (>= 3.2)
      middleware
      thor
      thread_safe
    rack (2.0.6)
    rack-test (1.1.0)
      rack (>= 1.0, < 3)
    rails-dom-testing (2.0.3)
      activesupport (>= 4.2.0)
      nokogiri (>= 1.6)
    rails-html-sanitizer (1.0.4)
      loofah (~> 2.2, >= 2.2.2)
    rainbow (3.0.0)
    rake (10.5.0)
    rubocop (0.62.0)
      jaro_winkler (~> 1.5.1)
      parallel (~> 1.10)
      parser (>= 2.5, != 2.5.1.1)
      powerpack (~> 0.1)
      rainbow (>= 2.2.2, < 4.0)
      ruby-progressbar (~> 1.7)
      unicode-display_width (~> 1.4.0)
    ruby-progressbar (1.10.0)
    thor (0.20.3)
    thread_safe (0.3.6)
    tzinfo (1.2.5)
      thread_safe (~> 0.1)
    unicode-display_width (1.4.1)

PLATFORMS
  ruby

DEPENDENCIES
  gapic-generator!
  gapic-generator-cloud!
  rake (~> 10.0)

BUNDLED WITH
   1.17.1
