PATH
  remote: .
  specs:
    gapic-generator (0.32.0)
      actionpack (>= 5.2, < 8.0)
      google-cloud-common (~> 1.2)
      google-protobuf (~> 3.25, >= 3.25.1)
      google-style (~> 1.27.0)
      googleapis-common-protos-types (~> 1.8)

GEM
  remote: https://rubygems.org/
  specs:
    actionpack (7.1.3.3)
      actionview (= 7.1.3.3)
      activesupport (= 7.1.3.3)
      nokogiri (>= 1.8.5)
      racc
      rack (>= 2.2.4)
      rack-session (>= 1.0.1)
      rack-test (>= 0.6.3)
      rails-dom-testing (~> 2.2)
      rails-html-sanitizer (~> 1.6)
    actionview (7.1.3.3)
      activesupport (= 7.1.3.3)
      builder (~> 3.1)
      erubi (~> 1.11)
      rails-dom-testing (~> 2.2)
      rails-html-sanitizer (~> 1.6)
    activesupport (7.1.3.3)
      base64
      bigdecimal
      concurrent-ruby (~> 1.0, >= 1.0.2)
      connection_pool (>= 2.2.5)
      drb
      i18n (>= 1.6, < 2)
      minitest (>= 5.1)
      mutex_m
      tzinfo (~> 2.0)
    ast (2.4.2)
    base64 (0.2.0)
    bigdecimal (3.1.8)
    builder (3.2.4)
    coderay (1.1.3)
    concurrent-ruby (1.3.1)
    connection_pool (2.4.1)
    crass (1.0.6)
    drb (2.2.1)
    erubi (1.12.0)
    google-cloud-common (1.6.0)
      google-protobuf (~> 3.18)
      googleapis-common-protos-types (~> 1.7)
    google-protobuf (3.25.3-x86_64-linux)
    google-style (1.27.1)
      rubocop (~> 1.56)
    googleapis-common-protos-types (1.14.0)
      google-protobuf (~> 3.18)
    grpc-tools (1.60.0)
    i18n (1.14.5)
      concurrent-ruby (~> 1.0)
    json (2.7.2)
    language_server-protocol (3.17.0.3)
    loofah (2.22.0)
      crass (~> 1.0.2)
      nokogiri (>= 1.12.0)
    method_source (1.1.0)
    minitest (5.22.3)
    minitest-autotest (1.1.1)
      minitest-server (~> 1.0)
      path_expander (~> 1.0)
    minitest-focus (1.4.0)
      minitest (>= 4, < 6)
    minitest-server (1.0.8)
      drb (~> 2.0)
      minitest (~> 5.16)
    mutex_m (0.2.0)
    nokogiri (1.15.6-x86_64-linux)
      racc (~> 1.4)
    parallel (1.24.0)
    parser (3.3.1.0)
      ast (~> 2.4.1)
      racc
    path_expander (1.1.1)
    pry (0.14.2)
      coderay (~> 1.1)
      method_source (~> 1.0)
    racc (1.8.0)
    rack (3.0.11)
    rack-session (2.0.0)
      rack (>= 3.0.0)
    rack-test (2.1.0)
      rack (>= 1.3)
    rails-dom-testing (2.2.0)
      activesupport (>= 5.0.0)
      minitest
      nokogiri (>= 1.6)
    rails-html-sanitizer (1.6.0)
      loofah (~> 2.21)
      nokogiri (~> 1.14)
    rainbow (3.1.1)
    redcarpet (3.6.0)
    regexp_parser (2.9.1)
    rexml (3.2.6)
    rubocop (1.63.5)
      json (~> 2.3)
      language_server-protocol (>= 3.17.0)
      parallel (~> 1.10)
      parser (>= 3.3.0.2)
      rainbow (>= 2.2.2, < 4.0)
      regexp_parser (>= 1.8, < 3.0)
      rexml (>= 3.2.5, < 4.0)
      rubocop-ast (>= 1.31.1, < 2.0)
      ruby-progressbar (~> 1.7)
      unicode-display_width (>= 2.4.0, < 3.0)
    rubocop-ast (1.31.3)
      parser (>= 3.3.1.0)
    ruby-progressbar (1.13.0)
    tzinfo (2.0.6)
      concurrent-ruby (~> 1.0)
    unicode-display_width (2.5.0)
    yard (0.9.36)

PLATFORMS
  x86_64-linux

DEPENDENCIES
  gapic-generator!
  grpc-tools (~> 1.60.0)
  minitest (~> 5.16)
  minitest-autotest (~> 1.0)
  minitest-focus (~> 1.0)
  pry (>= 0.14)
  redcarpet (~> 3.0)
  yard (~> 0.9)

BUNDLED WITH
   2.4.19
